GEM
  remote: http://rubygems.org/
  specs:
    addressable (2.2.8)
    builder (3.0.0)
    childprocess (0.3.3)
      ffi (~> 1.0.6)
    cucumber (1.2.1)
      builder (>= 2.1.2)
      diff-lcs (>= 1.1.3)
      gherkin (~> 2.11.0)
      json (>= 1.4.6)
    cuporter (0.3.14)
      gherkin (>= 1.0.0)
      nokogiri (>= 1.4.1)
    diff-lcs (1.1.3)
    ffi (1.0.11)
    ffi (1.0.11-java)
    gherkin (2.11.1)
      json (>= 1.4.6)
    gherkin (2.11.1-java)
      json (>= 1.4.6)
    gherkin (2.11.1-x86-mingw32)
      json (>= 1.4.6)
    headless (0.3.1)
    json (1.7.3)
    json (1.7.3-java)
    libwebsocket (0.1.4)
      addressable
    multi_json (1.3.6)
    nokogiri (1.5.5)
    nokogiri (1.5.5-java)
    nokogiri (1.5.5-x86-mingw32)
    rake (0.9.2.2)
    rdiscount (1.6.8)
    rspec (2.11.0)
      rspec-core (~> 2.11.0)
      rspec-expectations (~> 2.11.0)
      rspec-mocks (~> 2.11.0)
    rspec-core (2.11.0)
    rspec-expectations (2.11.1)
      diff-lcs (~> 1.1.3)
    rspec-mocks (2.11.1)
    rubyzip (0.9.9)
    selenium-webdriver (2.24.0)
      childprocess (>= 0.2.5)
      libwebsocket (~> 0.1.3)
      multi_json (~> 1.0)
      rubyzip
    watir-page-helper (1.0.2)
      watir-webdriver
    watir-webdriver (0.6.1)
      selenium-webdriver (>= 2.18.0)
    watir-webdriver-performance (0.1.3.1)
      watir-webdriver
      watir-webdriver
    yard (0.8.2.1)
    yard-cucumber (2.2.0)
      cucumber (>= 0.7.5)
      gherkin (>= 2.2.9)
      yard (>= 0.8.1)

PLATFORMS
  java
  ruby
  x86-mingw32

DEPENDENCIES
  cucumber (> 0.0)
  cuporter (> 0.0)
  headless (> 0.0)
  rake
  rdiscount
  rspec (> 0.0)
  selenium-webdriver (~> 2.24.0)
  watir-page-helper (> 0.0)
  watir-webdriver (~> 0.6.1)
  watir-webdriver-performance (~> 0.1.3.1)
  yard-cucumber
