GEM
  remote: http://rubygems.org/
  specs:
    builder (3.2.2)
    childprocess (0.5.7)
      ffi (~> 1.0, >= 1.0.11)
    cucumber (1.3.20)
      builder (>= 2.1.2)
      diff-lcs (>= 1.1.3)
      gherkin (~> 2.12)
      multi_json (>= 1.7.5, < 2.0)
      multi_test (>= 0.1.2)
    cuporter (0.3.14)
      gherkin (>= 1.0.0)
      nokogiri (>= 1.4.1)
    diff-lcs (1.2.5)
    ffi (1.9.10)
    ffi (1.9.10-java)
    ffi (1.9.10-x86-mingw32)
    gherkin (2.12.2)
      multi_json (~> 1.3)
    gherkin (2.12.2-java)
      multi_json (~> 1.3)
    gherkin (2.12.2-x86-mingw32)
      multi_json (~> 1.3)
    headless (2.2.0)
    mini_portile (0.6.2)
    multi_json (1.11.2)
    multi_test (0.1.2)
    mysql (2.9.1)
    mysql (2.9.1-x86-mingw32)
    nokogiri (1.6.6.2)
      mini_portile (~> 0.6.0)
    nokogiri (1.6.6.2-java)
    nokogiri (1.6.6.2-x86-mingw32)
      mini_portile (~> 0.6.0)
    rake (10.4.2)
    rdiscount (1.6.8)
    rspec (3.3.0)
      rspec-core (~> 3.3.0)
      rspec-expectations (~> 3.3.0)
      rspec-mocks (~> 3.3.0)
    rspec-core (3.3.2)
      rspec-support (~> 3.3.0)
    rspec-expectations (3.3.1)
      diff-lcs (>= 1.2.0, < 2.0)
      rspec-support (~> 3.3.0)
    rspec-mocks (3.3.2)
      diff-lcs (>= 1.2.0, < 2.0)
      rspec-support (~> 3.3.0)
    rspec-support (3.3.0)
    rubyzip (1.1.7)
    selenium-webdriver (2.48.1)
      childprocess (~> 0.5)
      multi_json (~> 1.0)
      rubyzip (~> 1.0)
      websocket (~> 1.0)
    watir-webdriver (0.8.0)
      selenium-webdriver (>= 2.46.2)
    watir-webdriver-performance (0.2.4)
      watir-webdriver
    websocket (1.2.2)
    yard (0.8.7.6)
    yard-cucumber (2.3.2)
      cucumber (~> 1.3)
      gherkin (~> 2.12)
      yard (>= 0.8.1)

PLATFORMS
  java
  ruby
  x86-mingw32

DEPENDENCIES
  cucumber (> 0.0)
  cuporter (> 0.0)
  headless (> 0.0)
  mysql (~> 2.9.1)
  rake
  rdiscount (~> 1.6.8)
  rspec (> 0.0)
  watir-webdriver (~> 0.8.0)
  watir-webdriver-performance (> 0.1.2)
  yard-cucumber

BUNDLED WITH
   1.10.6
