GEM
  remote: http://rubygems.org/
  specs:
    builder (3.0.0)
    childprocess (0.2.2)
      ffi (~> 1.0.6)
    cucumber (1.1.0)
      builder (>= 2.1.2)
      diff-lcs (>= 1.1.2)
      gherkin (~> 2.5.0)
      json (>= 1.4.6)
      term-ansicolor (>= 1.0.6)
    cuporter (0.3.14)
      gherkin (>= 1.0.0)
      nokogiri (>= 1.4.1)
    diff-lcs (1.1.3)
    ffi (1.0.9)
    ffi (1.0.9-java)
    ffi (1.0.9-x86-mingw32)
    gherkin (2.5.1)
      json (>= 1.4.6)
    gherkin (2.5.1-java)
      json (>= 1.4.6)
    gherkin (2.5.1-x86-mingw32)
      json (>= 1.4.6)
    headless (0.2.2)
    json (1.6.1)
    json (1.6.1-java)
    json_pure (1.6.1)
    nokogiri (1.5.0)
    nokogiri (1.5.0-java)
    nokogiri (1.5.0-x86-mingw32)
    rake (0.9.2)
    rdiscount (1.6.8)
    rspec (2.6.0)
      rspec-core (~> 2.6.0)
      rspec-expectations (~> 2.6.0)
      rspec-mocks (~> 2.6.0)
    rspec-core (2.6.4)
    rspec-expectations (2.6.0)
      diff-lcs (~> 1.1.2)
    rspec-mocks (2.6.0)
    rubyzip (0.9.4)
    selenium-webdriver (2.8.0)
      childprocess (>= 0.2.1)
      ffi (>= 1.0.7)
      json_pure
      rubyzip
    term-ansicolor (1.0.6)
    watir-page-helper (0.3.0)
      watir-webdriver (>= 0.2.0)
    watir-webdriver (0.3.5)
      selenium-webdriver (>= 0.2.2)
    watir-webdriver-performance (0.1.3.1)
      watir-webdriver
      watir-webdriver
    yard (0.7.2)
    yard-cucumber (2.1.3)
      cucumber (>= 0.7.5)
      gherkin (>= 2.2.9)
      yard (>= 0.7.0)

PLATFORMS
  java
  ruby
  x86-mingw32

DEPENDENCIES
  cucumber (> 0.0)
  cuporter (> 0.0)
  headless (> 0.0)
  rake
  rdiscount
  rspec (> 0.0)
  watir-page-helper (> 0.0)
  watir-webdriver (> 0.2.4)
  watir-webdriver-performance (> 0.1.2)
  yard-cucumber
